GIT
  remote: git://github.com/makevoid/terminal-table.git
  revision: 897681e0bd959a4d78951ae57c71e8c0243b9bbd
  specs:
    terminal-table (1.4.3)

GEM
  remote: http://rubygems.org/
  specs:
    diff-lcs (1.2.5)
    rspec-core (3.1.1)
      rspec-support (~> 3.1.0)
    rspec-expectations (3.1.0)
      diff-lcs (>= 1.2.0, < 2.0)
      rspec-support (~> 3.1.0)
    rspec-mocks (3.1.0)
      rspec-support (~> 3.1.0)
    rspec-support (3.1.0)

PLATFORMS
  ruby

DEPENDENCIES
  rspec-core
  rspec-expectations
  rspec-mocks
  terminal-table!
